GEM
  remote: http://rubygems.org/
  specs:
    abstract (1.0.0)
    actionmailer (3.0.6)
      actionpack (= 3.0.6)
      mail (~> 2.2.15)
    actionpack (3.0.6)
      activemodel (= 3.0.6)
      activesupport (= 3.0.6)
      builder (~> 2.1.2)
      erubis (~> 2.6.6)
      i18n (~> 0.5.0)
      rack (~> 1.2.1)
      rack-mount (~> 0.6.14)
      rack-test (~> 0.5.7)
      tzinfo (~> 0.3.23)
    activemodel (3.0.6)
      activesupport (= 3.0.6)
      builder (~> 2.1.2)
      i18n (~> 0.5.0)
    activerecord (3.0.6)
      activemodel (= 3.0.6)
      activesupport (= 3.0.6)
      arel (~> 2.0.2)
      tzinfo (~> 0.3.23)
    activeresource (3.0.6)
      activemodel (= 3.0.6)
      activesupport (= 3.0.6)
    activesupport (3.0.6)
    addressable (2.2.5)
    arel (2.0.9)
    bcrypt-ruby (2.1.4)
    bson (1.3.0)
    bson_ext (1.3.0)
    builder (2.1.2)
    compass (0.10.5)
      haml (>= 3.0.4)
    compass-colors (0.3.1)
      compass (>= 0.8.7)
    devise (1.1.2)
      bcrypt-ruby (~> 2.1.2)
      warden (~> 0.10.7)
    differ (0.1.1)
    erubis (2.6.6)
      abstract (>= 1.0.0)
    fancy-buttons (0.5.5)
      compass (>= 0.10.0)
      haml (>= 3.0.2)
    faraday (0.4.6)
      addressable (>= 2.1.1)
      rack (>= 1.0.1)
    ffi (1.0.7)
      rake (>= 0.8.7)
    geoip (1.0.0)
    haml (3.0.25)
    i18n (0.5.0)
    jnunemaker-validatable (1.8.4)
      activesupport (>= 2.3.4)
    json (1.5.1)
    magent (0.4.2)
      mongo (>= 0.1.0)
      uuidtools (>= 2.0.0)
    magic (0.2.6)
      ffi (>= 0.6.3)
    mail (2.2.15)
      activesupport (>= 2.3.6)
      i18n (>= 0.4.0)
      mime-types (~> 1.16)
      treetop (~> 1.4.8)
    mime-types (1.16)
    mongo (1.3.0)
      bson (>= 1.3.0)
    mongo_mapper (0.8.6)
      activesupport (>= 2.3.4)
      jnunemaker-validatable (~> 1.8.4)
      plucky (~> 0.3.6)
    mongomapper_ext (0.5.0)
      mongo_mapper (~> 0.8)
      uuidtools (>= 2.0.0)
    nokogiri (1.4.4)
    oauth (0.4.4)
    oauth2 (0.0.8)
      faraday (~> 0.4.1)
    plucky (0.3.6)
      mongo (~> 1.1)
    polyglot (0.3.1)
    rack (1.2.2)
    rack-mount (0.6.14)
      rack (>= 1.0.0)
    rack-recaptcha (0.2.2)
      json
    rack-test (0.5.7)
      rack (>= 1.0)
    rails (3.0.6)
      actionmailer (= 3.0.6)
      actionpack (= 3.0.6)
      activerecord (= 3.0.6)
      activeresource (= 3.0.6)
      activesupport (= 3.0.6)
      bundler (~> 1.0)
      railties (= 3.0.6)
    railties (3.0.6)
      actionpack (= 3.0.6)
      activesupport (= 3.0.6)
      rake (>= 0.8.7)
      thor (~> 0.14.4)
    rake (0.8.7)
    rdiscount (1.6.5)
    ruby-openid (2.1.8)
    ruby-stemmer (0.9.1)
    sanitize (1.2.1)
      nokogiri (~> 1.4.1)
    super_exception_notifier (2.0.8)
      actionmailer
    thor (0.14.6)
    treetop (1.4.9)
      polyglot (>= 0.3.1)
    twitter-text (1.3.1)
      actionpack
    twitter_oauth (0.4.3)
      json (>= 1.1.9)
      mime-types (>= 1.16)
      oauth (>= 0.4.1)
    tzinfo (0.3.26)
    uuidtools (2.1.1)
    warden (0.10.7)
      rack (>= 1.0.0)
    whatlanguage (1.0.0)

PLATFORMS
  ruby

DEPENDENCIES
  bson_ext (= 1.3.0)
  compass (= 0.10.5)
  compass-colors (= 0.3.1)
  devise (= 1.1.2)
  differ (= 0.1.1)
  fancy-buttons (= 0.5.5)
  geoip
  jnunemaker-validatable (= 1.8.4)
  magent (= 0.4.2)
  magic
  mongo (= 1.3.0)
  mongo_mapper (= 0.8.6)
  mongomapper_ext (= 0.5.0)
  oauth2 (= 0.0.8)
  plucky (= 0.3.6)
  rack-recaptcha (= 0.2.2)
  rails (= 3.0.6)
  rdiscount (= 1.6.5)
  ruby-openid (>= 2.0.4)
  ruby-stemmer (>= 0.8.2)
  sanitize (= 1.2.1)
  super_exception_notifier (~> 2.0.0)
  twitter-text (= 1.3.1)
  twitter_oauth (= 0.4.3)
  uuidtools (= 2.1.1)
  warden
  whatlanguage (= 1.0.0)
